GEM
  remote: https://rubygems.org/
  specs:
    activesupport (6.1.1)
      concurrent-ruby (~> 1.0, >= 1.0.2)
      i18n (>= 1.6, < 2)
      minitest (>= 5.1)
      tzinfo (~> 2.0)
      zeitwerk (~> 2.3)
    colored (1.2)
    concurrent-ruby (1.1.8)
    i18n (1.8.7)
      concurrent-ruby (~> 1.0)
    ib (0.7.0)
      thor (~> 0.15.4)
      tilt (~> 1.4.1)
      xcodeproj (~> 0.17)
    minitest (5.14.3)
    rake (10.4.2)
    thor (0.15.4)
    tilt (1.4.1)
    tzinfo (2.0.4)
      concurrent-ruby (~> 1.0)
    xcodeproj (0.20.2)
      activesupport (>= 3)
      colored (~> 1.2)
    zeitwerk (2.4.2)

PLATFORMS
  ruby

DEPENDENCIES
  ib (>= 0.7.0)
  rake
